GEM
  remote: https://rubygems.org/
  specs:
    rchardet19 (1.3.5)
    term-ansicolor (1.2.2)
      tins (~> 0.8)
    tins (0.13.1)

PLATFORMS
  ruby

DEPENDENCIES
  rchardet19 (~> 1.3.5)
  term-ansicolor (~> 1.2.2)
